GEM
  remote: https://rubygems.org/
  specs:
    addressable (2.3.7)
    autoprefixer-rails (5.1.7)
      execjs
      json
    blankslate (2.1.2.4)
    bourbon (4.2.1)
      sass (~> 3.4)
      thor
    celluloid (0.16.0)
      timers (~> 4.0.0)
    classifier-reborn (2.0.3)
      fast-stemmer (~> 1.0)
    coffee-script (2.3.0)
      coffee-script-source
      execjs
    coffee-script-source (1.9.1)
    colorator (0.1)
    execjs (2.3.0)
    fast-stemmer (1.0.2)
    fastimage (1.6.7)
      addressable (~> 2.3, >= 2.3.5)
    ffi (1.9.6)
    ffi (1.9.6-x64-mingw32)
    ffi (1.9.6-x86-mingw32)
    font-awesome-sass (4.2.2)
      sass (~> 3.2)
    hike (1.2.3)
    hitimes (1.2.2)
    hitimes (1.2.2-x86-mingw32)
    jekyll (2.5.3)
      classifier-reborn (~> 2.0)
      colorator (~> 0.1)
      jekyll-coffeescript (~> 1.0)
      jekyll-gist (~> 1.0)
      jekyll-paginate (~> 1.0)
      jekyll-sass-converter (~> 1.0)
      jekyll-watch (~> 1.1)
      kramdown (~> 1.3)
      liquid (~> 2.6.1)
      mercenary (~> 0.3.3)
      pygments.rb (~> 0.6.0)
      redcarpet (~> 3.1)
      safe_yaml (~> 1.0)
      toml (~> 0.1.0)
    jekyll-archives (2.0.0)
      jekyll (~> 2.4)
    jekyll-assets (0.13.0)
      fastimage (~> 1.6)
      jekyll (~> 2.0)
      sass (~> 3.2)
      sprockets (~> 2.10)
      sprockets-helpers
      sprockets-sass
    jekyll-coffeescript (1.0.1)
      coffee-script (~> 2.2)
    jekyll-gist (1.1.0)
    jekyll-paginate (1.1.0)
    jekyll-redirect-from (0.9.0)
      jekyll (>= 2.0)
    jekyll-sass-converter (1.3.0)
      sass (~> 3.2)
    jekyll-sitemap (0.8.0)
    jekyll-watch (1.2.1)
      listen (~> 2.7)
    json (1.8.2)
    kramdown (1.6.0)
    liquid (2.6.2)
    listen (2.8.5)
      celluloid (>= 0.15.2)
      rb-fsevent (>= 0.9.3)
      rb-inotify (>= 0.9)
    mercenary (0.3.5)
    multi_json (1.10.1)
    neat (1.7.1)
      bourbon (>= 4.0)
      sass (>= 3.3)
    octopress (3.0.0.rc.34)
      jekyll (~> 2.0)
      mercenary (~> 0.3.2)
      octopress-deploy
      octopress-escape-code (~> 2.0)
      octopress-hooks (~> 2.0)
      titlecase
    octopress-deploy (1.1.0)
      colorator
    octopress-escape-code (2.0.6)
      octopress-hooks (~> 2.0)
    octopress-hooks (2.6.0)
      jekyll (~> 2.0)
    parslet (1.5.0)
      blankslate (~> 2.0)
    posix-spawn (0.3.10)
    pygments.rb (0.6.2)
      posix-spawn (~> 0.3.6)
      yajl-ruby (~> 1.2.0)
    rack (1.6.0)
    rake (10.4.2)
    rb-fsevent (0.9.4)
    rb-inotify (0.9.5)
      ffi (>= 0.5.0)
    rdiscount (2.1.8)
    redcarpet (3.2.2)
    rouge (1.8.0)
    safe_yaml (1.0.4)
    sass (3.4.13)
    sprockets (2.12.3)
      hike (~> 1.2)
      multi_json (~> 1.0)
      rack (~> 1.0)
      tilt (~> 1.1, != 1.3.0)
    sprockets-helpers (1.1.0)
      sprockets (~> 2.0)
    sprockets-sass (1.3.1)
      sprockets (~> 2.0)
      tilt (~> 1.1)
    thor (0.19.1)
    tilt (1.4.1)
    timers (4.0.1)
      hitimes
    titlecase (0.1.1)
    toml (0.1.2)
      parslet (~> 1.5.0)
    uglifier (2.7.1)
      execjs (>= 0.3.0)
      json (>= 1.8.0)
    yajl-ruby (1.2.1)

PLATFORMS
  ruby
  x64-mingw32
  x86-mingw32

DEPENDENCIES
  autoprefixer-rails
  bourbon
  font-awesome-sass (~> 4.2.0)
  jekyll
  jekyll-archives
  jekyll-assets
  jekyll-redirect-from
  jekyll-sitemap
  kramdown
  neat
  octopress (~> 3.0.0.rc.12)
  rake
  rdiscount
  rouge
  sass
  uglifier
